GEM
  remote: http://rubygems.org/
  specs:
    activesupport (3.0.3)
    feminizer (1.0.2)
      activesupport
      nokogiri
      without_accents (= 0.9.0)
    nokogiri (1.4.4)
    rack (1.2.1)
    sinatra (1.1.2)
      rack (~> 1.1)
      tilt (~> 1.2)
    tilt (1.2.2)
    utf8_utils (2.0.1)
    without_accents (0.9.0)
      utf8_utils

PLATFORMS
  ruby

DEPENDENCIES
  feminizer (= 1.0.2)
  sinatra
