GEM
  remote: http://rubygems.org/
  specs:
    activesupport (3.0.3)
    feminizer (1.0.0)
      activesupport
      nokogiri
      without_accents
    nokogiri (1.4.4)
    rack (1.2.1)
    sinatra (1.1.2)
      rack (~> 1.1)
      tilt (~> 1.2)
    tilt (1.2.2)
    without_accents (0.8.5)

PLATFORMS
  ruby

DEPENDENCIES
  feminizer
  sinatra
